GEM
  remote: https://rubygems.org/
  specs:
    CFPropertyList (2.2.7)
    beaker (1.6.2)
      blimpy (~> 0.6)
      fission (~> 0.4)
      inifile (~> 2.0)
      json (~> 1.8)
      mime-types (~> 1.25)
      net-scp (~> 1.1)
      net-ssh (~> 2.6)
      nokogiri (= 1.5.10)
      rbvmomi (= 1.8.1)
      unf (~> 0.1)
    beaker-rspec (2.1.1)
      beaker (~> 1.3)
      rspec (~> 2.14)
      serverspec (~> 0.14)
      specinfra (~> 0.3)
    blimpy (0.6.7)
      fog
      minitar
      thor
    builder (3.2.2)
    diff-lcs (1.2.5)
    excon (0.31.0)
    fission (0.5.0)
      CFPropertyList (~> 2.2)
    fog (1.19.0)
      builder
      excon (~> 0.31.0)
      formatador (~> 0.2.0)
      mime-types
      multi_json (~> 1.0)
      net-scp (~> 1.1)
      net-ssh (>= 2.1.3)
      nokogiri (~> 1.5)
      ruby-hmac
    formatador (0.2.4)
    highline (1.6.20)
    inifile (2.0.2)
    json (1.8.1)
    mime-types (1.25.1)
    minitar (0.5.4)
    multi_json (1.8.4)
    net-scp (1.1.2)
      net-ssh (>= 2.6.5)
    net-ssh (2.8.0)
    nokogiri (1.5.10)
    rake (10.1.1)
    rbvmomi (1.8.1)
      builder
      nokogiri (>= 1.4.1)
      trollop
    rspec (2.14.1)
      rspec-core (~> 2.14.0)
      rspec-expectations (~> 2.14.0)
      rspec-mocks (~> 2.14.0)
    rspec-core (2.14.7)
    rspec-expectations (2.14.5)
      diff-lcs (>= 1.1.3, < 2.0)
    rspec-mocks (2.14.5)
    ruby-hmac (0.4.0)
    serverspec (0.15.3)
      highline
      net-ssh
      rspec (>= 2.13.0)
      specinfra (>= 0.5.8)
    specinfra (0.5.9)
    thor (0.18.1)
    trollop (2.0)
    unf (0.1.3)
      unf_ext
    unf_ext (0.0.6)

PLATFORMS
  ruby

DEPENDENCIES
  beaker
  beaker-rspec
  rake
  serverspec
  specinfra
